GEM
  remote: http://www.rubygems.org/
  specs:
    dotenv (2.2.0)
    haml (4.0.7)
      tilt
    minitest (5.10.1)
    rack (1.6.5)
    rack-protection (1.5.3)
      rack
    rack-test (0.6.3)
      rack (>= 1.0)
    sass (3.4.23)
    shotgun (0.9.2)
      rack (>= 1.0)
    sinatra (1.4.8)
      rack (~> 1.5)
      rack-protection (~> 1.4)
      tilt (>= 1.3, < 3)
    tilt (2.0.6)

PLATFORMS
  ruby

DEPENDENCIES
  dotenv
  haml
  minitest
  rack-test
  sass
  shotgun
  sinatra

BUNDLED WITH
   1.14.5
